GEM
  remote: https://rubygems.org/
  specs:
    haml (6.1.1)
      temple (>= 0.8.2)
      thor
      tilt
    nio4r (2.7.3)
    puma (6.4.3)
      nio4r (~> 2.0)
    rack (3.0.13)
    temple (0.10.0)
    thor (1.2.1)
    tilt (2.1.0)

PLATFORMS
  x86_64-darwin-21
  x86_64-linux

DEPENDENCIES
  haml
  puma
  rack
  tilt

BUNDLED WITH
   2.3.10
