GEM
  remote: https://rubygems.org/
  specs:
    concurrent-ruby (1.0.5)
    connection_pool (2.2.1)
    execjs (2.7.0)
    ffi (1.9.23)
    haml (5.0.4)
      temple (>= 0.8.0)
      tilt
    mustermann (1.0.2)
    puma (3.11.4)
    rack (2.0.5)
    rack-protection (2.0.1)
      rack
    rb-fsevent (0.10.3)
    rb-inotify (0.9.10)
      ffi (>= 0.5.0, < 2)
    redis (4.0.1)
    sass (3.5.6)
      sass-listen (~> 4.0.0)
    sass-listen (4.0.0)
      rb-fsevent (~> 0.9, >= 0.9.4)
      rb-inotify (~> 0.9, >= 0.9.7)
    sidekiq (5.1.3)
      concurrent-ruby (~> 1.0)
      connection_pool (~> 2.2, >= 2.2.0)
      rack-protection (>= 1.5.0)
      redis (>= 3.3.5, < 5)
    sinatra (2.0.1)
      mustermann (~> 1.0)
      rack (~> 2.0)
      rack-protection (= 2.0.1)
      tilt (~> 2.0)
    sprockets (3.7.1)
      concurrent-ruby (~> 1.0)
      rack (> 1, < 3)
    temple (0.8.0)
    tilt (2.0.8)
    uglifier (4.1.10)
      execjs (>= 0.3.0, < 3)

PLATFORMS
  ruby

DEPENDENCIES
  haml (~> 5.0, >= 5.0.4)
  puma (~> 3.11)
  sass (~> 3.5, >= 3.5.6)
  sidekiq (~> 5.1)
  sinatra (~> 2.0)
  sprockets (~> 3.7, >= 3.7.1)
  uglifier (~> 4.1, >= 4.1.9)

BUNDLED WITH
   1.16.2
