GEM
  remote: https://rubygems.org/
  specs:
    coderay (1.1.2)
    configatron (4.5.1)
    ffi (1.11.1-java)
    jbundler (0.4.3)
      maven-tools (~> 0.32.1)
      ruby-maven (~> 3.0.4)
    maven-tools (0.32.5)
    method_source (0.9.2)
    pry (0.12.2-java)
      coderay (~> 1.1.0)
      method_source (~> 0.9.0)
      spoon (~> 0.0)
    rake (12.3.2)
    ruby-maven (3.0.4.1.4)
      maven-tools (~> 0.32.3)
      thor (>= 0.14.6, < 2.0)
    spoon (0.0.6)
      ffi
    thor (0.20.3)

PLATFORMS
  java

DEPENDENCIES
  configatron
  jbundler
  pry
  rake

BUNDLED WITH
   2.0.2
